GEM
  remote: https://rubygems.org/
  specs:
    openssl (3.1.0)

PLATFORMS
  x86_64-darwin-20
  x86_64-darwin-22

DEPENDENCIES
  openssl

RUBY VERSION
   ruby 3.2.1p31

BUNDLED WITH
   2.4.15
